GIT
  remote: https://github.com/quintel/atlas.git
  revision: 5ef8dc8e5281834d1654454dd6c7392f745d7d12
  ref: 5ef8dc8
  specs:
    atlas (1.0.0)
      activemodel (>= 4.1.14.1)
      activesupport (>= 4.1.14.1)
      turbine-graph (>= 0.1)
      virtus (~> 1.0)

GIT
  remote: https://github.com/quintel/refinery.git
  revision: 9fe6ac46b2f9865985eb222f97ff3d3cf6f00c08
  ref: 9fe6ac4
  specs:
    refinery (0.0.1)
      ruby-graphviz
      terminal-table
      turbine-graph (>= 0.1.1)

GIT
  remote: https://github.com/quintel/rubel.git
  revision: e36554afd5f6bce2e3c2cb3ae6a48604b87a66f5
  ref: e36554a
  specs:
    rubel (0.1.1)

GEM
  remote: https://rubygems.org/
  specs:
    activemodel (5.2.0)
      activesupport (= 5.2.0)
    activesupport (5.2.0)
      concurrent-ruby (~> 1.0, >= 1.0.2)
      i18n (>= 0.7, < 2)
      minitest (~> 5.1)
      tzinfo (~> 1.1)
    axiom-types (0.1.1)
      descendants_tracker (~> 0.0.4)
      ice_nine (~> 0.11.0)
      thread_safe (~> 0.3, >= 0.3.1)
    coercible (1.0.0)
      descendants_tracker (~> 0.0.1)
    concurrent-ruby (1.0.5)
    descendants_tracker (0.0.4)
      thread_safe (~> 0.3, >= 0.3.1)
    diff-lcs (1.2.4)
    equalizer (0.0.11)
    i18n (1.0.0)
      concurrent-ruby (~> 1.0)
    ice_nine (0.11.2)
    mini_portile2 (2.3.0)
    minitest (5.11.3)
    nokogiri (1.8.1)
      mini_portile2 (~> 2.3.0)
    rake (10.1.0)
    roo (2.7.1)
      nokogiri (~> 1)
      rubyzip (~> 1.1, < 2.0.0)
    rspec (2.14.1)
      rspec-core (~> 2.14.0)
      rspec-expectations (~> 2.14.0)
      rspec-mocks (~> 2.14.0)
    rspec-core (2.14.5)
    rspec-expectations (2.14.2)
      diff-lcs (>= 1.1.3, < 2.0)
    rspec-mocks (2.14.3)
    ruby-graphviz (1.2.3)
    rubyzip (1.2.1)
    terminal-table (1.8.0)
      unicode-display_width (~> 1.1, >= 1.1.1)
    thread_safe (0.3.6)
    turbine-graph (0.1.3)
    tzinfo (1.2.5)
      thread_safe (~> 0.1)
    unicode-display_width (1.3.0)
    virtus (1.0.5)
      axiom-types (~> 0.1)
      coercible (~> 1.0)
      descendants_tracker (~> 0.0, >= 0.0.3)
      equalizer (~> 0.0, >= 0.0.9)

PLATFORMS
  ruby

DEPENDENCIES
  atlas!
  rake
  refinery!
  roo
  rspec
  rubel!

BUNDLED WITH
   1.16.1
