GIT
  remote: https://github.com/quintel/atlas.git
  revision: 06afd1e79eee1c202112155147f7ef6c491f3a6c
  ref: 06afd1e
  specs:
    atlas (1.0.0)
      activemodel (>= 4.1.14.1)
      activesupport (>= 4.1.14.1)
      turbine-graph (>= 0.1)
      virtus (~> 1.0)

GIT
  remote: https://github.com/quintel/refinery.git
  revision: 72eacf84c980ef797a0b7e63f55a39f5ca98640b
  ref: 72eacf8
  specs:
    refinery (0.0.1)
      ruby-graphviz
      terminal-table
      turbine-graph (>= 0.1.1)

GIT
  remote: https://github.com/quintel/rubel.git
  revision: e36554afd5f6bce2e3c2cb3ae6a48604b87a66f5
  ref: e36554a
  specs:
    rubel (0.1.1)

GEM
  remote: https://rubygems.org/
  specs:
    activemodel (6.0.2.2)
      activesupport (= 6.0.2.2)
    activesupport (6.0.2.2)
      concurrent-ruby (~> 1.0, >= 1.0.2)
      i18n (>= 0.7, < 2)
      minitest (~> 5.1)
      tzinfo (~> 1.1)
      zeitwerk (~> 2.2)
    axiom-types (0.1.1)
      descendants_tracker (~> 0.0.4)
      ice_nine (~> 0.11.0)
      thread_safe (~> 0.3, >= 0.3.1)
    coercible (1.0.0)
      descendants_tracker (~> 0.0.1)
    concurrent-ruby (1.1.6)
    descendants_tracker (0.0.4)
      thread_safe (~> 0.3, >= 0.3.1)
    diff-lcs (1.3)
    equalizer (0.0.11)
    i18n (1.8.2)
      concurrent-ruby (~> 1.0)
    ice_nine (0.11.2)
    mini_portile2 (2.4.0)
    minitest (5.14.0)
    nokogiri (1.10.8)
      mini_portile2 (~> 2.4.0)
    rake (12.3.3)
    roo (2.7.1)
      nokogiri (~> 1)
      rubyzip (~> 1.1, < 2.0.0)
    rspec (3.8.0)
      rspec-core (~> 3.8.0)
      rspec-expectations (~> 3.8.0)
      rspec-mocks (~> 3.8.0)
    rspec-core (3.8.0)
      rspec-support (~> 3.8.0)
    rspec-expectations (3.8.2)
      diff-lcs (>= 1.2.0, < 2.0)
      rspec-support (~> 3.8.0)
    rspec-mocks (3.8.0)
      diff-lcs (>= 1.2.0, < 2.0)
      rspec-support (~> 3.8.0)
    rspec-support (3.8.0)
    ruby-graphviz (1.2.4)
    rubyzip (1.3.0)
    terminal-table (1.8.0)
      unicode-display_width (~> 1.1, >= 1.1.1)
    thread_safe (0.3.6)
    turbine-graph (0.1.3)
    tzinfo (1.2.7)
      thread_safe (~> 0.1)
    unicode-display_width (1.6.0)
    virtus (1.0.5)
      axiom-types (~> 0.1)
      coercible (~> 1.0)
      descendants_tracker (~> 0.0, >= 0.0.3)
      equalizer (~> 0.0, >= 0.0.9)
    zeitwerk (2.3.0)

PLATFORMS
  ruby

DEPENDENCIES
  atlas!
  rake
  refinery!
  roo
  rspec
  rubel!

BUNDLED WITH
   1.17.3
