GIT
  remote: git@github.com:quintel/atlas.git
  revision: b1de1365bcab58189b50e4c053978d8969fd430c
  ref: b1de136
  specs:
    atlas (0.0.2)
      activemodel (~> 3.2.12)
      activesupport (~> 3.2.12)
      rubel (>= 0.0.3)
      turbine-graph (>= 0.1)
      virtus (~> 0.5.4)

GIT
  remote: git@github.com:quintel/refinery.git
  revision: 9630d759a6573c1a5811b101bf4ec2c521856dba
  ref: 9630d75
  specs:
    refinery (0.0.1)
      ruby-graphviz
      terminal-table
      turbine-graph (>= 0.1.1)

GEM
  remote: https://rubygems.org/
  specs:
    activemodel (3.2.15)
      activesupport (= 3.2.15)
      builder (~> 3.0.0)
    activesupport (3.2.15)
      i18n (~> 0.6, >= 0.6.4)
      multi_json (~> 1.0)
    backports (3.3.5)
    builder (3.0.4)
    descendants_tracker (0.0.3)
    diff-lcs (1.2.4)
    i18n (0.6.5)
    multi_json (1.8.2)
    rake (10.1.0)
    rspec (2.14.1)
      rspec-core (~> 2.14.0)
      rspec-expectations (~> 2.14.0)
      rspec-mocks (~> 2.14.0)
    rspec-core (2.14.5)
    rspec-expectations (2.14.2)
      diff-lcs (>= 1.1.3, < 2.0)
    rspec-mocks (2.14.3)
    rubel (0.0.3)
    ruby-graphviz (1.0.9)
    terminal-table (1.4.5)
    turbine-graph (0.1.3)
    virtus (0.5.5)
      backports (~> 3.3)
      descendants_tracker (~> 0.0.1)

PLATFORMS
  ruby

DEPENDENCIES
  atlas!
  rake
  refinery!
  rspec
