GIT
  remote: git://github.com/quintel/atlas.git
  revision: 7cc26463b313e924dacb6082d69165c274f62305
  ref: 7cc2646
  specs:
    atlas (1.0.0)
      activemodel (~> 4.0)
      activesupport (~> 4.0)
      turbine-graph (>= 0.1)
      virtus (~> 1.0)

GIT
  remote: git://github.com/quintel/refinery.git
  revision: 58c1138fd1a785ce77b5277b7c0e76d59befe11b
  ref: 58c1138
  specs:
    refinery (0.0.1)
      ruby-graphviz
      terminal-table
      turbine-graph (>= 0.1.1)

GIT
  remote: git://github.com/quintel/rubel.git
  revision: e36554afd5f6bce2e3c2cb3ae6a48604b87a66f5
  ref: e36554a
  specs:
    rubel (0.1.1)

GEM
  remote: https://rubygems.org/
  specs:
    activemodel (4.2.7.1)
      activesupport (= 4.2.7.1)
      builder (~> 3.1)
    activesupport (4.2.7.1)
      i18n (~> 0.7)
      json (~> 1.7, >= 1.7.7)
      minitest (~> 5.1)
      thread_safe (~> 0.3, >= 0.3.4)
      tzinfo (~> 1.1)
    axiom-types (0.1.1)
      descendants_tracker (~> 0.0.4)
      ice_nine (~> 0.11.0)
      thread_safe (~> 0.3, >= 0.3.1)
    builder (3.2.2)
    coercible (1.0.0)
      descendants_tracker (~> 0.0.1)
    descendants_tracker (0.0.4)
      thread_safe (~> 0.3, >= 0.3.1)
    diff-lcs (1.2.4)
    equalizer (0.0.11)
    i18n (0.7.0)
    ice_nine (0.11.2)
    json (1.8.3)
    minitest (5.9.1)
    rake (10.1.0)
    rspec (2.14.1)
      rspec-core (~> 2.14.0)
      rspec-expectations (~> 2.14.0)
      rspec-mocks (~> 2.14.0)
    rspec-core (2.14.5)
    rspec-expectations (2.14.2)
      diff-lcs (>= 1.1.3, < 2.0)
    rspec-mocks (2.14.3)
    ruby-graphviz (1.2.2)
    terminal-table (1.7.3)
      unicode-display_width (~> 1.1.1)
    thread_safe (0.3.5)
    turbine-graph (0.1.3)
    tzinfo (1.2.2)
      thread_safe (~> 0.1)
    unicode-display_width (1.1.1)
    virtus (1.0.5)
      axiom-types (~> 0.1)
      coercible (~> 1.0)
      descendants_tracker (~> 0.0, >= 0.0.3)
      equalizer (~> 0.0, >= 0.0.9)

PLATFORMS
  ruby

DEPENDENCIES
  atlas!
  rake
  refinery!
  rspec
  rubel!

BUNDLED WITH
   1.13.6
