GIT
  remote: git@github.com:quintel/refinery.git
  revision: 849676ea4e5a7f62d10b516bad30a4770e0aebbd
  specs:
    refinery (0.0.1)
      ruby-graphviz
      terminal-table
      turbine-graph (>= 0.1)

PATH
  remote: .
  specs:
    etsource (0.0.1)
      activemodel (>= 3.2.12)
      rubel (>= 0.0.3)
      turbine-graph (>= 0.1)
      virtus (>= 0.5.4)

GEM
  remote: https://rubygems.org/
  specs:
    activemodel (3.2.13)
      activesupport (= 3.2.13)
      builder (~> 3.0.0)
    activesupport (3.2.13)
      i18n (= 0.6.1)
      multi_json (~> 1.0)
    backports (2.6.7)
    builder (3.0.4)
    coderay (1.0.9)
    descendants_tracker (0.0.1)
    diff-lcs (1.2.4)
    ffi (1.8.1)
    formatador (0.2.4)
    guard (1.8.0)
      formatador (>= 0.2.4)
      listen (>= 1.0.0)
      lumberjack (>= 1.0.2)
      pry (>= 0.9.10)
      thor (>= 0.14.6)
    guard-rspec (2.6.0)
      guard (>= 1.8)
      rspec (~> 2.13)
    i18n (0.6.1)
    listen (1.0.3)
      rb-fsevent (>= 0.9.3)
      rb-inotify (>= 0.9)
      rb-kqueue (>= 0.2)
    lumberjack (1.0.3)
    method_source (0.8.1)
    multi_json (1.7.3)
    pry (0.9.12.1)
      coderay (~> 1.0.5)
      method_source (~> 0.8)
      slop (~> 3.4)
    rake (10.0.4)
    rb-fsevent (0.9.3)
    rb-inotify (0.9.0)
      ffi (>= 0.5.0)
    rb-kqueue (0.2.0)
      ffi (>= 0.5.0)
    rspec (2.13.0)
      rspec-core (~> 2.13.0)
      rspec-expectations (~> 2.13.0)
      rspec-mocks (~> 2.13.0)
    rspec-core (2.13.1)
    rspec-expectations (2.13.0)
      diff-lcs (>= 1.1.3, < 2.0)
    rspec-mocks (2.13.1)
    rubel (0.0.3)
    ruby-graphviz (1.0.9)
    ruby_gntp (0.3.4)
    shoulda-matchers (2.1.0)
      activesupport (>= 3.0.0)
    simplecov (0.7.1)
      multi_json (~> 1.0)
      simplecov-html (~> 0.7.1)
    simplecov-html (0.7.1)
    slop (3.4.4)
    term-ansicolor (1.2.0)
      tins (~> 0.8)
    terminal-table (1.4.5)
    thor (0.18.1)
    tins (0.8.0)
    turbine-graph (0.1.0)
    virtus (0.5.4)
      backports (~> 2.6.1)
      descendants_tracker (~> 0.0.1)

PLATFORMS
  ruby

DEPENDENCIES
  etsource!
  guard
  guard-rspec
  pry (>= 0.9.12)
  rake (>= 10.0.3)
  rb-fsevent (~> 0.9.1)
  refinery!
  rspec
  ruby_gntp
  shoulda-matchers
  simplecov
  term-ansicolor (>= 1.2.0)
