GIT
  remote: git@github.com:quintel/atlas.git
  revision: dde1ffbc34d0d3bb506f8f8da05cea7f95a450aa
  specs:
    atlas (0.0.2)
      activemodel (>= 3.2.12)
      activesupport (>= 3.2.12)
      rubel (>= 0.0.3)
      turbine-graph (>= 0.1)
      virtus (>= 0.5.4)

GIT
  remote: git@github.com:quintel/refinery.git
  revision: fa332c7212efbcb280f821fbd944e948fed761d9
  specs:
    refinery (0.0.1)
      ruby-graphviz
      terminal-table
      turbine-graph (>= 0.1.1)

GEM
  specs:
    activemodel (4.0.0)
      activesupport (= 4.0.0)
      builder (~> 3.1.0)
    activesupport (4.0.0)
      i18n (~> 0.6, >= 0.6.4)
      minitest (~> 4.2)
      multi_json (~> 1.3)
      thread_safe (~> 0.1)
      tzinfo (~> 0.3.37)
    atomic (1.1.10)
    backports (3.3.3)
    builder (3.1.4)
    descendants_tracker (0.0.1)
    diff-lcs (1.2.4)
    i18n (0.6.4)
    minitest (4.7.5)
    multi_json (1.7.9)
    rspec (2.13.0)
      rspec-core (~> 2.13.0)
      rspec-expectations (~> 2.13.0)
      rspec-mocks (~> 2.13.0)
    rspec-core (2.13.1)
    rspec-expectations (2.13.0)
      diff-lcs (>= 1.1.3, < 2.0)
    rspec-mocks (2.13.1)
    rubel (0.0.3)
    ruby-graphviz (1.0.9)
    terminal-table (1.4.5)
    thread_safe (0.1.0)
      atomic
    turbine-graph (0.1.1)
    tzinfo (0.3.37)
    virtus (0.5.5)
      backports (~> 3.3)
      descendants_tracker (~> 0.0.1)

PLATFORMS
  ruby

DEPENDENCIES
  atlas!
  refinery!
  rspec
